GEM
  remote: http://rubygems.org/
  specs:
    backports (2.6.4)
    chunky_png (1.2.6)
    diff-lcs (1.1.3)
    oily_png (1.0.2)
      chunky_png (~> 1.2.1)
    rspec (2.11.0)
      rspec-core (~> 2.11.0)
      rspec-expectations (~> 2.11.0)
      rspec-mocks (~> 2.11.0)
    rspec-core (2.11.1)
    rspec-expectations (2.11.3)
      diff-lcs (~> 1.1.3)
    rspec-mocks (2.11.3)
    sqlite3 (1.3.6)
    thor (0.16.0)

PLATFORMS
  ruby

DEPENDENCIES
  backports
  chunky_png
  oily_png
  rspec
  sqlite3
  thor
