GEM
  remote: http://rubygems.org/
  specs:
    aruba (0.5.0)
      childprocess (= 0.2.3)
      cucumber (>= 1.1.1)
      ffi (>= 1.0.11)
      rspec-expectations (>= 2.7.0)
    backports (2.6.4)
    builder (3.1.4)
    childprocess (0.2.3)
      ffi (~> 1.0.6)
    chunky_png (1.2.6)
    cucumber (1.2.1)
      builder (>= 2.1.2)
      diff-lcs (>= 1.1.3)
      gherkin (~> 2.11.0)
      json (>= 1.4.6)
    diff-lcs (1.1.3)
    ffi (1.0.11)
    gherkin (2.11.5)
      json (>= 1.4.6)
    json (1.7.5)
    magic_encoding (0.0.2)
    multi_json (1.3.6)
    oily_png (1.0.2)
      chunky_png (~> 1.2.1)
    rspec (2.11.0)
      rspec-core (~> 2.11.0)
      rspec-expectations (~> 2.11.0)
      rspec-mocks (~> 2.11.0)
    rspec-core (2.11.1)
    rspec-expectations (2.11.3)
      diff-lcs (~> 1.1.3)
    rspec-mocks (2.11.3)
    simplecov (0.7.1)
      multi_json (~> 1.0)
      simplecov-html (~> 0.7.1)
    simplecov-html (0.7.1)
    sqlite3 (1.3.6)
    thor (0.16.0)

PLATFORMS
  ruby

DEPENDENCIES
  aruba
  backports
  chunky_png
  cucumber
  magic_encoding
  oily_png
  rspec
  simplecov
  sqlite3
  thor
