GIT
  remote: git://github.com/cpence/rdbi-driver-jdbc.git
  revision: 7e8c461af0bb148d0c9e26366c7356f4883dcf17
  specs:
    rdbi-driver-jdbc (0.1.0-java)
      rdbi

GEM
  remote: http://rubygems.org/
  specs:
    aruba (0.5.0)
      childprocess (= 0.2.3)
      cucumber (>= 1.1.1)
      ffi (>= 1.0.11)
      rspec-expectations (>= 2.7.0)
    backports (2.6.4)
    builder (3.1.4)
    childprocess (0.2.3)
      ffi (~> 1.0.6)
    chunky_png (1.2.6)
    cucumber (1.2.1)
      builder (>= 2.1.2)
      diff-lcs (>= 1.1.3)
      gherkin (~> 2.11.0)
      json (>= 1.4.6)
    diff-lcs (1.1.3)
    epoxy (0.3.1)
    ffi (1.0.11)
    ffi (1.0.11-java)
    gherkin (2.11.5)
      json (>= 1.4.6)
    gherkin (2.11.5-java)
      json (>= 1.4.6)
    jdbc-sqlite3 (3.7.2)
    json (1.7.5)
    json (1.7.5-java)
    magic_encoding (0.0.2)
    methlab (0.1.0)
    multi_json (1.3.6)
    oily_png (1.0.2)
      chunky_png (~> 1.2.1)
    rake (0.9.2.2)
    rdbi (0.9.1)
      epoxy (>= 0.3.1)
      methlab (>= 0.0.9)
      typelib
    rdbi-driver-sqlite3 (0.9.1)
      epoxy (>= 0.3.1)
      methlab
      rdbi
      sqlite3-ruby (~> 1.3)
    rspec (2.11.0)
      rspec-core (~> 2.11.0)
      rspec-expectations (~> 2.11.0)
      rspec-mocks (~> 2.11.0)
    rspec-core (2.11.1)
    rspec-expectations (2.11.3)
      diff-lcs (~> 1.1.3)
    rspec-mocks (2.11.3)
    simplecov (0.7.1)
      multi_json (~> 1.0)
      simplecov-html (~> 0.7.1)
    simplecov-html (0.7.1)
    sqlite3 (1.3.6)
    sqlite3-ruby (1.3.3)
      sqlite3 (>= 1.3.3)
    thor (0.16.0)
    typelib (0.1.0)

PLATFORMS
  java
  ruby

DEPENDENCIES
  aruba
  backports
  chunky_png
  cucumber
  jdbc-sqlite3
  magic_encoding
  oily_png
  rake
  rdbi
  rdbi-driver-jdbc!
  rdbi-driver-sqlite3
  rspec
  simplecov
  thor
